PATH
  remote: .
  specs:
    rb_snowflake_client (1.4.0)
      bigdecimal (>= 3.0)
      concurrent-ruby (>= 1.2)
      connection_pool (>= 2.4)
      dotenv (>= 2.8)
      json (>= 2.1.0)
      jwt (>= 2.7)
      retryable (>= 3.0)

GEM
  remote: https://rubygems.org/
  specs:
    activesupport (8.0.3)
      base64
      benchmark (>= 0.3)
      bigdecimal
      concurrent-ruby (~> 1.0, >= 1.3.1)
      connection_pool (>= 2.2.5)
      drb
      i18n (>= 1.6, < 2)
      logger (>= 1.4.2)
      minitest (>= 5.1)
      securerandom (>= 0.3)
      tzinfo (~> 2.0, >= 2.0.5)
      uri (>= 0.13.1)
    base64 (0.2.0)
    benchmark (0.4.1)
    bigdecimal (3.1.9)
    coderay (1.1.3)
    concurrent-ruby (1.3.5)
    connection_pool (2.5.3)
    diff-lcs (1.6.1)
    dotenv (3.1.8)
    drb (2.2.3)
    i18n (1.14.7)
      concurrent-ruby (~> 1.0)
    json (2.11.3)
    jwt (2.10.1)
      base64
    logger (1.7.0)
    method_source (1.1.0)
    minitest (5.26.0)
    parallel (1.27.0)
    pry (0.15.2)
      coderay (~> 1.1)
      method_source (~> 1.0)
    rake (13.2.1)
    retryable (3.0.5)
    rspec (3.13.0)
      rspec-core (~> 3.13.0)
      rspec-expectations (~> 3.13.0)
      rspec-mocks (~> 3.13.0)
    rspec-core (3.13.3)
      rspec-support (~> 3.13.0)
    rspec-expectations (3.13.3)
      diff-lcs (>= 1.2.0, < 2.0)
      rspec-support (~> 3.13.0)
    rspec-mocks (3.13.2)
      diff-lcs (>= 1.2.0, < 2.0)
      rspec-support (~> 3.13.0)
    rspec-support (3.13.2)
    securerandom (0.4.1)
    tzinfo (2.0.6)
      concurrent-ruby (~> 1.0)
    uri (1.0.4)

PLATFORMS
  arm64-darwin-22
  ruby

DEPENDENCIES
  activesupport
  bundler
  parallel
  pry
  rake
  rb_snowflake_client!
  rspec

BUNDLED WITH
   2.5.10
